GEM
  remote: https://rubygems.org/
  specs:
    git (1.5.0)
    json (2.2.0)
    json-schema (1.2.1)
    rake (12.3.2)
    rakejava (1.3.7)
      rake (>= 0.9.2)
    redcarpet (3.4.0)
    yard (0.9.19)

PLATFORMS
  ruby

DEPENDENCIES
  git
  json
  json-schema (~> 1.1)
  rakejava
  redcarpet
  yard

BUNDLED WITH
   2.0.1
