GEM
  remote: https://rubygems.org/
  specs:
    addressable (2.8.1)
      public_suffix (>= 2.0.2, < 6.0)
    git (1.13.0)
      addressable (~> 2.8)
      rchardet (~> 1.8)
    json (1.8.6)
    json-schema (1.2.1)
    public_suffix (5.0.1)
    rake (13.0.6)
    rakejava (1.3.7)
      rake (>= 0.9.2)
    rchardet (1.8.0)
    redcarpet (3.5.1)
    webrick (1.7.0)
    yard (0.9.28)
      webrick (~> 1.7.0)

PLATFORMS
  ruby

DEPENDENCIES
  git
  json (~> 1.8.6)
  json-schema (~> 1.1)
  rakejava
  redcarpet
  yard

BUNDLED WITH
   1.16.6
