GEM
  remote: https://rubygems.org/
  specs:
    git (1.11.0)
      rchardet (~> 1.8)
    json (1.8.2)
    json-schema (1.1.1)
    rake (10.1.0)
    rakejava (1.3.7)
      rake (>= 0.9.2)
    rchardet (1.8.0)
    redcarpet (3.0.0)
    yard (0.8.7.2)

PLATFORMS
  ruby

DEPENDENCIES
  git
  json
  json-schema (~> 1.1)
  rakejava
  redcarpet
  yard
