GEM
  remote: http://rubygems.org/
  specs:
    activesupport (6.0.6.1)
      concurrent-ruby (~> 1.0, >= 1.0.2)
      i18n (>= 0.7, < 2)
      minitest (~> 5.1)
      tzinfo (~> 1.1)
      zeitwerk (~> 2.2, >= 2.2.2)
    chronic (0.10.2)
    concurrent-ruby (1.2.0)
    i18n (1.12.0)
      concurrent-ruby (~> 1.0)
    json (1.8.6)
    minitest (5.3.5)
    thread_safe (0.3.6)
    tzinfo (1.2.9)
      thread_safe (~> 0.1)
    whenever (0.11.0)
      chronic (>= 0.6.3)
    zeitwerk (2.6.6)

PLATFORMS
  ruby

DEPENDENCIES
  activesupport (~> 6.0.6)
  json (~> 1.8.2)
  minitest (~> 5.3.5)
  tzinfo (~> 1.2.1)
  whenever (~> 0.11.0)

BUNDLED WITH
   1.16.6
